GIT
  remote: https://github.com/bastelfreak/voxpupuli-test.git
  revision: 5719142a0d301b286b70f7084c996f5cbfdbfa2b
  branch: rel1300
  specs:
    voxpupuli-test (13.0.0)
      facterdb (>= 3.1, < 5.0)
      metadata-json-lint (>= 4.0, < 6)
      openvox-strings (>= 5.0, < 7)
      parallel_tests (>= 4.2, < 6)
      puppet-syntax (>= 6.0, < 8)
      puppet_fixtures (>= 0.1, < 2)
      rake (~> 13.0, >= 13.0.6)
      rspec-github (>= 2.0, < 4)
      rspec-puppet (~> 5.0)
      rspec-puppet-facts (>= 5.4, < 7)
      rubocop (~> 1.50.0)
      rubocop-rake (~> 0.6.0)
      rubocop-rspec (~> 2.20.0)
      syslog (~> 0.3.0)
      voxpupuli-puppet-lint-plugins (>= 6.0, < 8)

GEM
  remote: https://rubygems.org/
  specs:
    activesupport (8.0.3)
      base64
      benchmark (>= 0.3)
      bigdecimal
      concurrent-ruby (~> 1.0, >= 1.3.1)
      connection_pool (>= 2.2.5)
      drb
      i18n (>= 1.6, < 2)
      logger (>= 1.4.2)
      minitest (>= 5.1)
      securerandom (>= 0.3)
      tzinfo (~> 2.0, >= 2.0.5)
      uri (>= 0.13.1)
    addressable (2.8.7)
      public_suffix (>= 2.0.2, < 7.0)
    ast (2.4.3)
    async (2.32.1)
      console (~> 1.29)
      fiber-annotation
      io-event (~> 1.11)
      metrics (~> 0.12)
      traces (~> 0.18)
    async-http (0.91.0)
      async (>= 2.10.2)
      async-pool (~> 0.11)
      io-endpoint (~> 0.14)
      io-stream (~> 0.6)
      metrics (~> 0.12)
      protocol-http (~> 0.49)
      protocol-http1 (~> 0.30)
      protocol-http2 (~> 0.22)
      traces (~> 0.10)
    async-http-faraday (0.22.1)
      async-http (~> 0.42)
      faraday
    async-pool (0.11.0)
      async (>= 2.0)
    base64 (0.3.0)
    bcrypt_pbkdf (1.1.1)
    beaker (7.0.1)
      base64 (>= 0.2.0, < 1)
      bcrypt_pbkdf (>= 1.0, < 2.0)
      beaker-hostgenerator (~> 3.0)
      benchmark (>= 0.3, < 0.5)
      ed25519 (>= 1.2, < 2.0)
      hocon (~> 1.0)
      in-parallel (>= 0.1, < 2.0)
      inifile (~> 3.0)
      minitar (>= 0.12, < 2)
      minitest (~> 5.4)
      net-scp (>= 1.2, < 5.0)
      net-ssh (~> 7.1)
      rexml (~> 3.2, >= 3.2.5)
      rsync (~> 1.0.9)
      stringify-hash (~> 0.0)
      thor (>= 1.0.1, < 2.0)
    beaker-docker (3.0.0)
      beaker (>= 4, < 8)
      docker-api (~> 2.3)
      excon (>= 1.2.5, < 2, != 1.2.6)
      stringify-hash (~> 0.0.0)
    beaker-hiera (2.0.0)
      beaker (>= 4, < 8)
    beaker-hostgenerator (3.3.0)
      deep_merge (~> 1.0)
    beaker-rspec (9.0.0)
      beaker (>= 4.0, < 8)
      rspec (~> 3.0)
      serverspec (~> 2)
      specinfra (~> 2)
    beaker-vagrant (2.0.0)
      beaker (>= 4, < 8)
    beaker_puppet_helpers (3.1.1)
      beaker (>= 5.8.1, < 8)
      nokogiri (~> 1.18, >= 1.18.10)
      open-uri (< 0.6)
      puppet-modulebuilder (>= 0.3, < 3)
    benchmark (0.4.1)
    bigdecimal (3.2.3)
    builder (3.3.0)
    childprocess (5.1.0)
      logger (~> 1.5)
    coderay (1.1.3)
    concurrent-ruby (1.3.5)
    connection_pool (2.5.4)
    console (1.34.0)
      fiber-annotation
      fiber-local (~> 1.1)
      json
    date (3.4.1)
    deep_merge (1.2.2)
    diff-lcs (1.6.2)
    docker-api (2.4.0)
      excon (>= 0.64.0)
      multi_json
    domain_name (0.6.20240107)
    drb (2.2.3)
    ed25519 (1.4.0)
    erubi (1.13.1)
    excon (1.3.0)
      logger
    facterdb (4.1.0)
      jgrep (~> 1.5, >= 1.5.4)
    faraday (2.13.4)
      faraday-net_http (>= 2.0, < 3.5)
      json
      logger
    faraday-http-cache (2.5.1)
      faraday (>= 0.8)
    faraday-net_http (3.4.1)
      net-http (>= 0.5.0)
    faraday-retry (2.3.2)
      faraday (~> 2.0)
    fast_gettext (4.1.0)
      prime
      racc
    ffi (1.17.2)
    ffi (1.17.2-aarch64-linux-gnu)
    ffi (1.17.2-aarch64-linux-musl)
    ffi (1.17.2-arm-linux-gnu)
    ffi (1.17.2-arm-linux-musl)
    ffi (1.17.2-x86-linux-gnu)
    ffi (1.17.2-x86-linux-musl)
    ffi (1.17.2-x86_64-linux-gnu)
    ffi (1.17.2-x86_64-linux-musl)
    fiber-annotation (0.2.0)
    fiber-local (1.1.0)
      fiber-storage
    fiber-storage (1.0.1)
    formatador (1.2.1)
      reline
    forwardable (1.3.3)
    getoptlong (0.2.1)
    github_changelog_generator (1.16.4)
      activesupport
      async (>= 1.25.0)
      async-http-faraday
      faraday-http-cache
      multi_json
      octokit (~> 4.6)
      rainbow (>= 2.2.1)
      rake (>= 10.0)
    gssapi (1.3.1)
      ffi (>= 1.0.1)
    guard (2.19.1)
      formatador (>= 0.2.4)
      listen (>= 2.7, < 4.0)
      logger (~> 1.6)
      lumberjack (>= 1.0.12, < 2.0)
      nenv (~> 0.1)
      notiffany (~> 0.0)
      ostruct (~> 0.6)
      pry (>= 0.13.0)
      shellany (~> 0.0)
      thor (>= 0.18.1)
    guard-rake (1.0.0)
      guard
      rake
    gyoku (1.4.0)
      builder (>= 2.1.2)
      rexml (~> 3.0)
    hocon (1.4.0)
    http-accept (1.7.0)
    http-cookie (1.1.0)
      domain_name (~> 0.5)
    httpclient (2.9.0)
      mutex_m
    i18n (1.14.7)
      concurrent-ruby (~> 1.0)
    in-parallel (1.0.1)
    inifile (3.0.0)
    iniparse (1.5.0)
    io-console (0.8.1)
    io-endpoint (0.15.2)
    io-event (1.14.0)
    io-stream (0.10.0)
    jgrep (1.5.4)
    json (2.15.0)
    json-schema (6.0.0)
      addressable (~> 2.8)
      bigdecimal (~> 3.1)
    listen (3.9.0)
      rb-fsevent (~> 0.10, >= 0.10.3)
      rb-inotify (~> 0.9, >= 0.9.10)
    little-plugger (1.1.4)
    locale (2.1.4)
    logger (1.7.0)
    logging (2.4.0)
      little-plugger (~> 1.1)
      multi_json (~> 1.14)
    lumberjack (1.4.2)
    metadata-json-lint (5.0.0)
      json-schema (>= 2.8, < 7.0)
      semantic_puppet (~> 1.0)
      spdx-licenses (~> 1.0)
    method_source (1.1.0)
    metrics (0.15.0)
    mime-types (3.7.0)
      logger
      mime-types-data (~> 3.2025, >= 3.2025.0507)
    mime-types-data (3.2025.0924)
    mini_portile2 (2.8.9)
    minitar (1.1.0)
    minitest (5.25.5)
    multi_json (1.17.0)
    mutex_m (0.3.0)
    nenv (0.3.0)
    net-http (0.6.0)
      uri
    net-scp (4.1.0)
      net-ssh (>= 2.6.5, < 8.0.0)
    net-ssh (7.3.0)
    net-telnet (0.2.0)
    netrc (0.11.0)
    nokogiri (1.18.10)
      mini_portile2 (~> 2.8.2)
      racc (~> 1.4)
    nokogiri (1.18.10-aarch64-linux-gnu)
      racc (~> 1.4)
    nokogiri (1.18.10-aarch64-linux-musl)
      racc (~> 1.4)
    nokogiri (1.18.10-arm-linux-gnu)
      racc (~> 1.4)
    nokogiri (1.18.10-arm-linux-musl)
      racc (~> 1.4)
    nokogiri (1.18.10-x86_64-linux-gnu)
      racc (~> 1.4)
    nokogiri (1.18.10-x86_64-linux-musl)
      racc (~> 1.4)
    nori (2.7.1)
      bigdecimal
    notiffany (0.1.3)
      nenv (~> 0.1)
      shellany (~> 0.0)
    octokit (4.25.1)
      faraday (>= 1, < 3)
      sawyer (~> 0.9)
    open-uri (0.5.0)
      stringio
      time
      uri
    openfact (5.1.0)
      base64 (>= 0.1, < 0.4)
      hocon (~> 1.3)
      logger (~> 1.7)
      thor (>= 1.0.1, < 2)
    openvox (8.23.1)
      base64 (>= 0.1, < 0.4)
      benchmark (>= 0.3, < 0.5)
      concurrent-ruby (~> 1.0)
      deep_merge (~> 1.0)
      fast_gettext (>= 2.1, < 5)
      getoptlong (~> 0.2.0)
      locale (~> 2.1)
      multi_json (~> 1.13)
      openfact (~> 5.0)
      ostruct (~> 0.6.0)
      puppet-resource_api (~> 1.5)
      racc (~> 1.5)
      scanf (~> 1.0)
      semantic_puppet (~> 1.0)
    openvox-strings (6.0.0)
      openvox (>= 7, < 9)
      rgen (>= 0.9, < 0.11)
      yard (~> 0.9)
    ostruct (0.6.3)
    overcommit (0.68.0)
      childprocess (>= 0.6.3, < 6)
      iniparse (~> 1.4)
      rexml (>= 3.3.9)
    parallel (1.27.0)
    parallel_tests (5.4.0)
      parallel
    parser (3.3.9.0)
      ast (~> 2.4.1)
      racc
    pathspec (2.1.0)
    prime (0.1.4)
      forwardable
      singleton
    prism (1.5.1)
    protocol-hpack (1.5.1)
    protocol-http (0.54.0)
    protocol-http1 (0.35.1)
      protocol-http (~> 0.22)
    protocol-http2 (0.23.0)
      protocol-hpack (~> 1.4)
      protocol-http (~> 0.47)
    pry (0.15.2)
      coderay (~> 1.1)
      method_source (~> 1.0)
    public_suffix (6.0.2)
    puppet-blacksmith (8.3.0)
      base64 (>= 0.2, < 0.4)
      puppet-modulebuilder (~> 2.0, >= 2.0.2)
      rest-client (~> 2.0)
    puppet-lint (5.1.0)
    puppet-lint-absolute_classname-check (5.0.0)
      puppet-lint (~> 5.1)
    puppet-lint-anchor-check (3.0.0)
      puppet-lint (~> 5.1)
    puppet-lint-exec_idempotency-check (2.0.0)
      puppet-lint (~> 5.1)
    puppet-lint-file_ensure-check (3.0.0)
      puppet-lint (~> 5.1)
    puppet-lint-leading_zero-check (3.0.0)
      puppet-lint (~> 5.1)
    puppet-lint-lookup_in_parameter-check (3.0.0)
      puppet-lint (~> 5.1)
    puppet-lint-manifest_whitespace-check (2.0.0)
      puppet-lint (~> 5.1)
    puppet-lint-optional_default-check (3.0.0)
      puppet-lint (~> 5.1)
    puppet-lint-package_ensure-check (0.2.0)
      puppet-lint (>= 1.0)
    puppet-lint-param-docs (3.0.0)
      puppet-lint (~> 5.1)
    puppet-lint-param-types (3.0.0)
      puppet-lint (~> 5.1)
    puppet-lint-params_empty_string-check (3.0.0)
      puppet-lint (~> 5.1)
    puppet-lint-params_not_optional_with_undef-check (1.0.0)
      puppet-lint (~> 5.1)
    puppet-lint-resource_reference_syntax (3.0.0)
      puppet-lint (~> 5.1)
    puppet-lint-strict_indent-check (5.0.0)
      puppet-lint (~> 5.1)
    puppet-lint-topscope-variable-check (3.0.0)
      puppet-lint (~> 5.1)
    puppet-lint-trailing_comma-check (3.0.0)
      puppet-lint (~> 5.1)
    puppet-lint-unquoted_string-check (4.1.0)
      puppet-lint (~> 5.1)
    puppet-lint-variable_contains_upcase (3.0.0)
      puppet-lint (~> 5.1)
    puppet-lint-version_comparison-check (3.0.0)
      puppet-lint (~> 5.1)
    puppet-modulebuilder (2.1.0)
      minitar (>= 0.9, < 2)
      pathspec (>= 0.2.1, < 3.0.0)
    puppet-resource_api (1.9.0)
      hocon (>= 1.0)
    puppet-syntax (7.0.1)
      openvox (>= 8, < 9)
      rake (~> 13.1)
    puppet_fixtures (1.0.1)
      rake (~> 13.0)
    puppet_metadata (5.3.0)
      metadata-json-lint (>= 2.0, < 6)
      semantic_puppet (~> 1.0)
    racc (1.8.1)
    rainbow (3.1.1)
    rake (13.3.0)
    rb-fsevent (0.11.2)
    rb-inotify (0.11.1)
      ffi (~> 1.0)
    regexp_parser (2.11.3)
    reline (0.6.2)
      io-console (~> 0.5)
    rest-client (2.1.0)
      http-accept (>= 1.7.0, < 2.0)
      http-cookie (>= 1.0.2, < 2.0)
      mime-types (>= 1.16, < 4.0)
      netrc (~> 0.8)
    rexml (3.4.4)
    rgen (0.10.2)
    rspec (3.13.1)
      rspec-core (~> 3.13.0)
      rspec-expectations (~> 3.13.0)
      rspec-mocks (~> 3.13.0)
    rspec-core (3.13.5)
      rspec-support (~> 3.13.0)
    rspec-expectations (3.13.5)
      diff-lcs (>= 1.2.0, < 2.0)
      rspec-support (~> 3.13.0)
    rspec-github (3.0.0)
      rspec-core (~> 3.0)
    rspec-its (2.0.0)
      rspec-core (>= 3.13.0)
      rspec-expectations (>= 3.13.0)
    rspec-mocks (3.13.5)
      diff-lcs (>= 1.2.0, < 2.0)
      rspec-support (~> 3.13.0)
    rspec-puppet (5.0.0)
      rspec (~> 3.0)
    rspec-puppet-facts (6.0.0)
      deep_merge (~> 1.2)
      facterdb (>= 3.1, < 5.0)
      openfact (~> 5.0)
    rspec-support (3.13.6)
    rsync (1.0.9)
    rubocop (1.50.2)
      json (~> 2.3)
      parallel (~> 1.10)
      parser (>= 3.2.0.0)
      rainbow (>= 2.2.2, < 4.0)
      regexp_parser (>= 1.8, < 3.0)
      rexml (>= 3.2.5, < 4.0)
      rubocop-ast (>= 1.28.0, < 2.0)
      ruby-progressbar (~> 1.7)
      unicode-display_width (>= 2.4.0, < 3.0)
    rubocop-ast (1.47.1)
      parser (>= 3.3.7.2)
      prism (~> 1.4)
    rubocop-capybara (2.21.0)
      rubocop (~> 1.41)
    rubocop-rake (0.6.0)
      rubocop (~> 1.0)
    rubocop-rspec (2.20.0)
      rubocop (~> 1.33)
      rubocop-capybara (~> 2.17)
    ruby-progressbar (1.13.0)
    rubyntlm (0.6.5)
      base64
    sawyer (0.9.2)
      addressable (>= 2.3.5)
      faraday (>= 0.17.3, < 3)
    scanf (1.0.0)
    securerandom (0.4.1)
    semantic_puppet (1.1.1)
    serverspec (2.43.0)
      multi_json
      rspec (~> 3.0)
      rspec-its
      specinfra (~> 2.72)
    sfl (2.3)
    shellany (0.0.1)
    singleton (0.3.0)
    spdx-licenses (1.3.0)
    specinfra (2.94.1)
      base64
      net-scp
      net-ssh (>= 2.7)
      net-telnet
      sfl
    stringify-hash (0.0.2)
    stringio (3.1.7)
    syslog (0.3.0)
      logger
    thor (1.4.0)
    time (0.4.1)
      date
    traces (0.18.2)
    tzinfo (2.0.6)
      concurrent-ruby (~> 1.0)
    unicode-display_width (2.6.0)
    uri (1.0.3)
    voxpupuli-acceptance (4.0.0)
      bcrypt_pbkdf (~> 1.1)
      beaker (>= 6.0, < 8)
      beaker-docker (>= 2.1, < 4)
      beaker-hiera (>= 1.0, < 3)
      beaker-hostgenerator (>= 2.2, < 4)
      beaker-rspec (>= 8.0.1, < 10)
      beaker-vagrant (>= 1.2, < 3)
      beaker_puppet_helpers (>= 2.2, < 4)
      puppet-modulebuilder (~> 2.0, >= 2.0.2)
      puppet_fixtures (>= 0.1, < 2)
      rake (~> 13.0, >= 13.0.6)
      rspec-github (>= 2.0, < 4)
      serverspec (~> 2.42, >= 2.42.2)
      winrm (~> 2.3, >= 2.3.6)
    voxpupuli-puppet-lint-plugins (7.0.0)
      puppet-lint (~> 5.1)
      puppet-lint-absolute_classname-check (~> 5.0)
      puppet-lint-anchor-check (~> 3.0)
      puppet-lint-exec_idempotency-check (~> 2.0)
      puppet-lint-file_ensure-check (~> 3.0)
      puppet-lint-leading_zero-check (~> 3.0)
      puppet-lint-lookup_in_parameter-check (~> 3.0)
      puppet-lint-manifest_whitespace-check (~> 2.0)
      puppet-lint-optional_default-check (~> 3.0)
      puppet-lint-package_ensure-check (~> 0.2)
      puppet-lint-param-docs (~> 3.0)
      puppet-lint-param-types (~> 3.0)
      puppet-lint-params_empty_string-check (~> 3.0)
      puppet-lint-params_not_optional_with_undef-check (~> 1.0)
      puppet-lint-resource_reference_syntax (~> 3.0)
      puppet-lint-strict_indent-check (~> 5.0)
      puppet-lint-topscope-variable-check (~> 3.0)
      puppet-lint-trailing_comma-check (~> 3.0)
      puppet-lint-unquoted_string-check (~> 4.0)
      puppet-lint-variable_contains_upcase (~> 3.0)
      puppet-lint-version_comparison-check (~> 3.0)
    voxpupuli-release (5.0.0)
      faraday-retry (~> 2.1)
      github_changelog_generator (~> 1.16, >= 1.16.4)
      openvox-strings (>= 5, < 7)
      puppet-blacksmith (~> 8.0, < 10)
      rake (~> 13.0, >= 13.0.6)
    winrm (2.3.9)
      builder (>= 2.1.2)
      erubi (~> 1.8)
      gssapi (~> 1.2)
      gyoku (~> 1.0)
      httpclient (~> 2.2, >= 2.2.0.2)
      logging (>= 1.6.1, < 3.0)
      nori (~> 2.0, >= 2.7.1)
      rexml (~> 3.0)
      rubyntlm (~> 0.6.0, >= 0.6.3)
    yard (0.9.37)

PLATFORMS
  aarch64-linux-gnu
  aarch64-linux-musl
  arm-linux-gnu
  arm-linux-musl
  ruby
  x86-linux-gnu
  x86-linux-musl
  x86_64-linux-gnu
  x86_64-linux-musl

DEPENDENCIES
  guard-rake
  openvox (>= 7, < 9)
  overcommit (>= 0.39.1)
  puppet_metadata (~> 5.0)
  rake
  voxpupuli-acceptance (~> 4.0)
  voxpupuli-release (~> 5.0)
  voxpupuli-test!

BUNDLED WITH
   2.6.7
